GEM
  remote: https://rubygems.org/
  specs:
    evernote-thrift (1.25.1)
    evernote_oauth (0.2.3)
      evernote-thrift
      oauth (>= 0.4.1)
    mini_portile (0.6.1)
    nokogiri (1.6.4.1)
      mini_portile (~> 0.6.0)
    oauth (0.4.7)

PLATFORMS
  ruby

DEPENDENCIES
  evernote_oauth
  nokogiri
